GEM
  remote: http://rubygems.org/
  specs:
    diff-lcs (1.1.3)
    log_buddy (0.6.0)
    rspec (2.7.0)
      rspec-core (~> 2.7.0)
      rspec-expectations (~> 2.7.0)
      rspec-mocks (~> 2.7.0)
    rspec-core (2.7.1)
    rspec-expectations (2.7.0)
      diff-lcs (~> 1.1.2)
    rspec-mocks (2.7.0)
    rubytree (0.8.2)

PLATFORMS
  ruby

DEPENDENCIES
  log_buddy
  rspec
  rubytree
